GEM
  remote: https://rubygems.org/
  specs:
    sass (3.3.9)

PLATFORMS
  ruby
  x86-mingw32

DEPENDENCIES
  sass (>= 3.3.0)
